GIT
  remote: https://github.com/piotrmurach/tty-command.git
  revision: 1f0777df14c82444bec0d973b595091002023111
  specs:
    tty-command (0.10.0)
      pastel (~> 0.8)

GIT
  remote: https://github.com/piotrmurach/tty-spinner.git
  revision: 15f9cc9f924eeaefed7aa2dccf2893c2c7a4f2e7
  specs:
    tty-spinner (0.9.3)
      tty-cursor (~> 0.7)

GEM
  specs:
    pastel (0.8.0)
      tty-color (~> 0.5)
    tty-color (0.5.2)
    tty-cursor (0.7.1)

PLATFORMS
  ruby

DEPENDENCIES
  tty-command!
  tty-spinner!

BUNDLED WITH
   2.1.4
